PATH
  remote: .
  specs:
    newspilot (0.0.1)
      faraday
      faraday-detailed_logger
      faraday_middleware

GEM
  remote: https://rubygems.org/
  specs:
    addressable (2.3.8)
    crack (0.4.2)
      safe_yaml (~> 1.0.0)
    faraday (0.9.1)
      multipart-post (>= 1.2, < 3)
    faraday-detailed_logger (1.0.0)
      faraday
    faraday_middleware (0.9.1)
      faraday (>= 0.7.4, < 0.10)
    minitest (5.7.0)
    multipart-post (2.0.0)
    rake (10.4.2)
    safe_yaml (1.0.4)
    vcr (2.9.3)
    webmock (1.21.0)
      addressable (>= 2.3.6)
      crack (>= 0.3.2)

PLATFORMS
  ruby

DEPENDENCIES
  bundler (~> 1.7)
  minitest
  newspilot!
  rake (~> 10.0)
  vcr
  webmock
